PATH
  remote: ./hello_two_times
  specs:
    hello_two_times (0.0.1)
      faraday (~> 0.9.0)
      sinatra (~> 1.4.4)

PATH
  remote: ./hello_world_app
  specs:
    hello_world_app (0.0.1)
      sinatra (~> 1.4.4)

GEM
  remote: https://rubygems.org/
  remote: https://rubygems.org/
  specs:
    diff-lcs (1.2.5)
    dotenv (0.10.0)
    faraday (0.9.0)
      multipart-post (>= 1.2, < 3)
    multipart-post (2.0.0)
    rack (1.5.2)
    rack-protection (1.5.2)
      rack
    rack-test (0.6.2)
      rack (>= 1.0)
    rake (10.1.1)
    rspec (2.14.1)
      rspec-core (~> 2.14.0)
      rspec-expectations (~> 2.14.0)
      rspec-mocks (~> 2.14.0)
    rspec-core (2.14.8)
    rspec-expectations (2.14.5)
      diff-lcs (>= 1.1.3, < 2.0)
    rspec-mocks (2.14.6)
    sinatra (1.4.4)
      rack (~> 1.4)
      rack-protection (~> 1.4)
      tilt (~> 1.3, >= 1.3.4)
    tilt (1.4.1)

PLATFORMS
  ruby

DEPENDENCIES
  dotenv
  hello_two_times!
  hello_world_app!
  rack (~> 1.5.2)
  rack-test (~> 0.6.2)
  rake (~> 10.1.1)
  rspec (~> 2.14.1)
